PATH
  remote: .
  specs:
    simple_crowd (0.3.5)
      hashie (= 1.0.0)
      savon (= 0.7.9)

GEM
  remote: http://rubygems.org/
  specs:
    addressable (2.2.4)
    builder (3.0.0)
    crack (0.1.8)
    factory_girl (1.3.3)
    fcoury-matchy (0.4.0)
    forgery (0.3.7)
      nokogiri (~> 1.4)
    hashie (1.0.0)
    nokogiri (1.4.4)
    rr (1.0.2)
    savon (0.7.9)
      builder (>= 2.1.2)
      crack (>= 0.1.4)
    shoulda (2.11.3)
    webmock (1.6.2)
      addressable (>= 2.2.2)
      crack (>= 0.1.7)

PLATFORMS
  ruby

DEPENDENCIES
  factory_girl
  fcoury-matchy
  forgery
  rr
  shoulda
  simple_crowd!
  webmock
